GEM
  remote: https://rubygems.org/
  specs:
    async (0.17.1)
      nio4r
      timers (~> 4.1)
    async-container (0.2.0)
      async (~> 0.16)
    async-http (0.2.1)
      async-io (~> 0.4)
      samovar (~> 1.3)
    async-io (0.5.0)
      async (~> 0.14)
    coderay (1.1.1)
    concurrent-ruby (1.0.5)
    diff-lcs (1.3)
    docile (1.1.5)
    falcon (0.3.1)
      async-container (~> 0.1)
      async-http (~> 0.2)
      rack (>= 1.0)
      samovar (~> 1.3)
    ffi (1.9.18)
    formatador (0.2.5)
    glib2 (3.1.8)
      native-package-installer (>= 1.0.3)
      pkg-config (>= 1.2.2)
    gobject-introspection (3.1.8)
      glib2 (= 3.1.8)
    guard (2.14.1)
      formatador (>= 0.2.4)
      listen (>= 2.7, < 4.0)
      lumberjack (~> 1.0)
      nenv (~> 0.1)
      notiffany (~> 0.0)
      pry (>= 0.9.12)
      shellany (~> 0.0)
      thor (>= 0.18.1)
    guard-compat (1.2.1)
    guard-falcon (0.3.0)
      falcon (~> 0.2)
      guard
      guard-compat (~> 1.2)
    guard-rspec (4.7.3)
      guard (~> 2.1)
      guard-compat (~> 1.1)
      rspec (>= 2.99.0, < 4.0)
    hitimes (1.2.5)
    http-accept (1.7.0)
    json (2.1.0)
    listen (3.1.5)
      rb-fsevent (~> 0.9, >= 0.9.4)
      rb-inotify (~> 0.9, >= 0.9.7)
      ruby_dep (~> 1.2)
    lumberjack (1.0.12)
    mail (2.6.6)
      mime-types (>= 1.16, < 4)
    mapping (1.1.1)
    method_source (0.8.2)
    mime-types (3.1)
      mime-types-data (~> 3.2015)
    mime-types-data (3.2016.0521)
    native-package-installer (1.0.4)
    nenv (0.3.0)
    nio4r (2.1.0)
    notiffany (0.1.1)
      nenv (~> 0.1)
      shellany (~> 0.0)
    passenger (5.1.7)
      rack
      rake (>= 0.8.1)
    pkg-config (1.2.3)
    pry (0.10.4)
      coderay (~> 1.1.0)
      method_source (~> 0.8.1)
      slop (~> 3.4)
    rack (2.0.3)
    rack-freeze (1.2.0)
      rack (~> 2.0)
    rack-test (0.7.0)
      rack (>= 1.0, < 3)
    rainbow (2.2.2)
      rake
    rake (12.0.0)
    rake-compiler (1.0.4)
      rake
    rb-fsevent (0.10.2)
    rb-inotify (0.9.10)
      ffi (>= 0.5.0, < 2)
    rspec (3.6.0)
      rspec-core (~> 3.6.0)
      rspec-expectations (~> 3.6.0)
      rspec-mocks (~> 3.6.0)
    rspec-core (3.6.0)
      rspec-support (~> 3.6.0)
    rspec-expectations (3.6.0)
      diff-lcs (>= 1.2.0, < 2.0)
      rspec-support (~> 3.6.0)
    rspec-mocks (3.6.0)
      diff-lcs (>= 1.2.0, < 2.0)
      rspec-support (~> 3.6.0)
    rspec-support (3.6.0)
    ruby-vips (1.0.6)
      gobject-introspection (~> 3.1)
    ruby_dep (1.5.0)
    samovar (1.7.0)
      mapping (~> 1.0)
      rainbow (~> 2.0)
    shellany (0.0.1)
    simplecov (0.14.1)
      docile (~> 1.1.0)
      json (>= 1.8, < 3)
      simplecov-html (~> 0.10.0)
    simplecov-html (0.10.1)
    slop (3.6.0)
    thor (0.19.4)
    timers (4.1.2)
      hitimes
    trenni (3.4.0)
      rake-compiler
    utopia (2.1.2)
      concurrent-ruby (~> 1.0)
      http-accept (~> 1.6)
      mail (~> 2.6)
      mime-types (~> 3.0)
      rack (~> 2.0)
      rainbow (~> 2.1)
      samovar (~> 1.2)
      trenni (~> 3.0)
    utopia-analytics (2.0.0)
      utopia (~> 2.0)
    utopia-gallery (2.1.0)
      trenni (~> 3.1)
      utopia (~> 2.0)
      vips-thumbnail (~> 1.1)
    vips-thumbnail (1.1.0)
      ruby-vips (~> 1.0)

PLATFORMS
  ruby

DEPENDENCIES
  bundler
  guard-falcon
  guard-rspec
  passenger
  pry
  rack-freeze (~> 1.2)
  rack-test
  rake
  rspec
  simplecov
  utopia (~> 2.1.2)
  utopia-analytics
  utopia-gallery

BUNDLED WITH
   1.15.3
